GEM
  remote: https://rubygems.org/
  specs:
    byebug (11.1.3)
    mini_portile2 (2.8.0)
    nokogiri (1.13.8)
      mini_portile2 (~> 2.8.0)
      racc (~> 1.4)
    racc (1.6.0)

PLATFORMS
  ruby

DEPENDENCIES
  byebug (~> 11.1)
  nokogiri (~> 1.13)

BUNDLED WITH
   2.2.3
